REDIRECTS: ON
FRAMEWORK: NET46
NUGET
  remote: https://www.nuget.org/api/v2
    Autofac (4.4)
    Chronic.Signed (0.3.2)
    Microsoft.AspNet.Cors (5.2.3)
    Microsoft.AspNet.WebApi.Client (5.2.3)
      Newtonsoft.Json (>= 6.0.4)
    Microsoft.AspNet.WebApi.Core (5.2.3)
      Microsoft.AspNet.WebApi.Client (>= 5.2.3)
    Microsoft.Bot.Builder (3.5.5)
      Autofac (>= 3.5.2)
      Chronic.Signed (>= 0.3.2)
      Microsoft.AspNet.WebApi.Core (>= 5.2.3)
      Microsoft.IdentityModel.Protocol.Extensions (>= 1.0.2.206221351)
      Microsoft.Rest.ClientRuntime (>= 2.3.2)
      Newtonsoft.Json (>= 8.0.3)
      System.IdentityModel.Tokens.Jwt (>= 4.0.2.206221351 < 5.0)
    Microsoft.IdentityModel.Protocol.Extensions (1.0.4.403061554)
      System.IdentityModel.Tokens.Jwt (>= 4.0.4.403061554)
    Microsoft.Owin (3.0.1)
      Owin (>= 1.0)
    Microsoft.Owin.Cors (3.0.1)
      Microsoft.AspNet.Cors (>= 5.0)
      Microsoft.Owin (>= 3.0.1)
      Owin (>= 1.0)
    Microsoft.Owin.Diagnostics (3.0.1)
      Microsoft.Owin (>= 3.0.1)
      Owin (>= 1.0)
    Microsoft.Owin.Host.HttpListener (3.0.1)
    Microsoft.Owin.Host.SystemWeb (3.0.1)
      Microsoft.Owin (>= 3.0.1)
      Owin (>= 1.0)
    Microsoft.Owin.Hosting (3.0.1)
      Microsoft.Owin (>= 3.0.1)
      Owin (>= 1.0)
    Microsoft.Owin.SelfHost (3.0.1)
      Microsoft.Owin (>= 3.0.1)
      Microsoft.Owin.Diagnostics (>= 3.0.1)
      Microsoft.Owin.Host.HttpListener (>= 3.0.1)
      Microsoft.Owin.Hosting (>= 3.0.1)
      Owin (>= 1.0)
    Microsoft.Rest.ClientRuntime (2.3.5)
      Newtonsoft.Json (>= 6.0.8)
    Newtonsoft.Json (9.0.1)
    Owin (1.0)
    System.IdentityModel.Tokens.Jwt (4.0.4.403061554)

GROUP test
FRAMEWORK: NET46
NUGET
  remote: https://www.nuget.org/api/v2
    xunit (2.2)
      xunit.assert (2.2)
      xunit.core (2.2)
    xunit.abstractions (2.0.1)
    xunit.assert (2.2)
    xunit.core (2.2)
      xunit.extensibility.core (2.2)
      xunit.extensibility.execution (2.2)
    xunit.extensibility.core (2.2)
      xunit.abstractions (>= 2.0.1)
    xunit.extensibility.execution (2.2)
      xunit.extensibility.core (2.2)
    xunit.runner.console (2.2)
    xunit.runner.visualstudio (2.2)
