REDIRECTS: OFF
FRAMEWORK: NET46
NUGET
  remote: https://www.nuget.org/api/v2
    Autofac (4.6.1)
    Autofac.Owin (4.1)
      Autofac (>= 3.5 < 5.0)
      Microsoft.Owin (>= 3.0 < 4.0)
    Autofac.WebApi2 (4.1)
      Autofac (>= 3.5 < 5.0)
      Microsoft.AspNet.WebApi.Core (>= 5.2 < 6.0)
      Newtonsoft.Json (>= 5.0.8)
    Autofac.WebApi2.Owin (4.0)
      Autofac (>= 3.5 < 5.0)
      Autofac.Owin (>= 4.0 < 5.0)
      Autofac.WebApi2 (>= 3.4 < 5.0)
      Microsoft.AspNet.WebApi.Owin (>= 5.2)
    Chronic.Signed (0.3.2)
    Microsoft.AspNet.Cors (5.2.3)
    Microsoft.AspNet.WebApi.Client (5.2.3)
      Newtonsoft.Json (>= 6.0.4)
    Microsoft.AspNet.WebApi.Core (5.2.3)
      Microsoft.AspNet.WebApi.Client (>= 5.2.3)
    Microsoft.AspNet.WebApi.Owin (5.2.3)
      Microsoft.AspNet.WebApi.Core (>= 5.2.3 < 5.3)
      Microsoft.Owin (>= 2.0.2)
      Owin (>= 1.0)
    Microsoft.Bot.Builder (3.9.1)
      Autofac (>= 3.5.2)
      Chronic.Signed (>= 0.3.2)
      Microsoft.AspNet.WebApi.Core (>= 5.2.3)
      Microsoft.IdentityModel.Protocol.Extensions (>= 1.0.4.403061554)
      Microsoft.Rest.ClientRuntime (>= 2.3.2)
      Newtonsoft.Json (>= 8.0.3)
      System.IdentityModel.Tokens.Jwt (>= 4.0.4.403061554 < 5.0)
    Microsoft.IdentityModel.Protocol.Extensions (1.0.4.403061554)
      System.IdentityModel.Tokens.Jwt (>= 4.0.4.403061554)
    Microsoft.Owin (3.1)
      Owin (>= 1.0)
    Microsoft.Owin.Cors (3.1)
      Microsoft.AspNet.Cors (>= 5.0)
      Microsoft.Owin (>= 3.1)
      Owin (>= 1.0)
    Microsoft.Owin.Diagnostics (3.1)
      Microsoft.Owin (>= 3.1)
      Owin (>= 1.0)
    Microsoft.Owin.Host.HttpListener (3.1)
    Microsoft.Owin.Host.SystemWeb (3.1)
      Microsoft.Owin (>= 3.1)
      Owin (>= 1.0)
    Microsoft.Owin.Hosting (3.1)
      Microsoft.Owin (>= 3.1)
      Owin (>= 1.0)
    Microsoft.Owin.SelfHost (3.1)
      Microsoft.Owin (>= 3.1)
      Microsoft.Owin.Diagnostics (>= 3.1)
      Microsoft.Owin.Host.HttpListener (>= 3.1)
      Microsoft.Owin.Hosting (>= 3.1)
      Owin (>= 1.0)
    Microsoft.Rest.ClientRuntime (2.3.10)
      Newtonsoft.Json (>= 6.0.8)
    Newtonsoft.Json (10.0.3) - redirects: on
    Owin (1.0)
    System.IdentityModel.Tokens.Jwt (4.0.4.403061554)

GROUP test
REDIRECTS: OFF
FRAMEWORK: NET46
NUGET
  remote: https://www.nuget.org/api/v2
    xunit (2.2)
      xunit.assert (2.2)
      xunit.core (2.2)
    xunit.abstractions (2.0.1)
    xunit.assert (2.2)
    xunit.core (2.2)
      xunit.extensibility.core (2.2)
      xunit.extensibility.execution (2.2)
    xunit.extensibility.core (2.2)
      xunit.abstractions (>= 2.0.1)
    xunit.extensibility.execution (2.2)
      xunit.extensibility.core (2.2)
    xunit.runner.console (2.2)
    xunit.runner.visualstudio (2.2.0) - version_in_path: true
